GEM
  remote: https://rubygems.org/
  specs:
    hashie (3.4.3)

PLATFORMS
  ruby

DEPENDENCIES
  hashie
